PATH
  remote: /Users/aschrot/Development/infopark/kickstarter/ice_kickstarter
  specs:
    infopark_kickstarter (2.1.0)
      bundler
      haml
      jquery-rails
      launchy
      less-rails-bootstrap
      rails (>= 3.2)

PATH
  remote: /Users/aschrot/Development/infopark/kickstarter/rails_connector_kostia/cloud_connector
  specs:
    infopark_cloud_connector (6.8.3.952.54004336)
      addressable (~> 2.3.2)
      nokogiri (~> 1.5.6)
      rest-client (~> 1.6)

PATH
  remote: /Users/aschrot/Development/infopark/kickstarter/rails_connector_kostia/rails_connector
  specs:
    infopark_rails_connector (6.8.3.952.54004336)
      helpful_configuration (~> 0.1.0)
      jquery-rails (~> 2.2.1)
      json (>= 1.7.7)
      maruku (~> 0.6.0)
      rails (~> 3.2.13)
      rake (>= 0.9.2.2)

GEM
  remote: https://rubygems.org/
  specs:
    actionmailer (3.2.13)
      actionpack (= 3.2.13)
      mail (~> 2.5.3)
    actionpack (3.2.13)
      activemodel (= 3.2.13)
      activesupport (= 3.2.13)
      builder (~> 3.0.0)
      erubis (~> 2.7.0)
      journey (~> 1.0.4)
      rack (~> 1.4.5)
      rack-cache (~> 1.2)
      rack-test (~> 0.6.1)
      sprockets (~> 2.2.1)
    active_attr (0.8.2)
      activemodel (>= 3.0.2, < 4.1)
      activesupport (>= 3.0.2, < 4.1)
    activemodel (3.2.13)
      activesupport (= 3.2.13)
      builder (~> 3.0.0)
    activerecord (3.2.13)
      activemodel (= 3.2.13)
      activesupport (= 3.2.13)
      arel (~> 3.0.2)
      tzinfo (~> 0.3.29)
    activeresource (3.2.13)
      activemodel (= 3.2.13)
      activesupport (= 3.2.13)
    activesupport (3.2.13)
      i18n (= 0.6.1)
      multi_json (~> 1.0)
    addressable (2.3.4)
    arel (3.0.2)
    backports (3.3.2)
    builder (3.0.4)
    cells (3.8.8)
      actionpack (>= 3.0)
      railties (>= 3.0)
    coffee-rails (3.2.2)
      coffee-script (>= 2.2.0)
      railties (~> 3.2.0)
    coffee-script (2.2.0)
      coffee-script-source
      execjs
    coffee-script-source (1.6.2)
    commonjs (0.2.6)
    erubis (2.7.0)
    execjs (1.4.0)
      multi_json (~> 1.0)
    haml (4.0.3)
      tilt
    haml-rails (0.4)
      actionpack (>= 3.1, < 4.1)
      activesupport (>= 3.1, < 4.1)
      haml (>= 3.1, < 4.1)
      railties (>= 3.1, < 4.1)
    handlebars_assets (0.12.3)
      execjs (>= 1.2.9)
      sprockets (>= 2.0.3)
      tilt
    helpful_configuration (0.1.0)
    hike (1.2.3)
    i18n (0.6.1)
    infopark_crm_connector (1.0.1)
      activeresource (>= 3)
      backports (>= 2.3)
    journey (1.0.4)
    jquery-rails (2.2.2)
      railties (>= 3.0, < 5.0)
      thor (>= 0.14, < 2.0)
    json (1.8.0)
    launchy (2.3.0)
      addressable (~> 2.3)
    less (2.3.2)
      commonjs (~> 0.2.6)
    less-rails (2.3.3)
      actionpack (>= 3.1)
      less (~> 2.3.1)
    less-rails-bootstrap (2.3.3)
      less-rails (~> 2.3.1)
    libv8 (3.11.8.17)
    mail (2.5.4)
      mime-types (~> 1.16)
      treetop (~> 1.4.8)
    maruku (0.6.1)
      syntax (>= 1.0.0)
    mime-types (1.23)
    multi_json (1.7.7)
    nokogiri (1.5.10)
    polyglot (0.3.3)
    rack (1.4.5)
    rack-cache (1.2)
      rack (>= 0.4)
    rack-ssl (1.3.3)
      rack
    rack-test (0.6.2)
      rack (>= 1.0)
    rails (3.2.13)
      actionmailer (= 3.2.13)
      actionpack (= 3.2.13)
      activerecord (= 3.2.13)
      activeresource (= 3.2.13)
      activesupport (= 3.2.13)
      bundler (~> 1.0)
      railties (= 3.2.13)
    railties (3.2.13)
      actionpack (= 3.2.13)
      activesupport (= 3.2.13)
      rack-ssl (~> 1.3.2)
      rake (>= 0.8.7)
      rdoc (~> 3.4)
      thor (>= 0.14.6, < 2.0)
    rake (10.0.4)
    rdoc (3.12.2)
      json (~> 1.4)
    ref (1.0.5)
    rest-client (1.6.7)
      mime-types (>= 1.16)
    sass (3.2.9)
    sass-rails (3.2.6)
      railties (~> 3.2.0)
      sass (>= 3.1.10)
      tilt (~> 1.3)
    simple_form (2.1.0)
      actionpack (~> 3.0)
      activemodel (~> 3.0)
    sprockets (2.2.2)
      hike (~> 1.2)
      multi_json (~> 1.0)
      rack (~> 1.0)
      tilt (~> 1.1, != 1.3.0)
    syntax (1.0.0)
    therubyracer (0.11.4)
      libv8 (~> 3.11.8.12)
      ref
    thor (0.18.1)
    tilt (1.4.1)
    treetop (1.4.14)
      polyglot
      polyglot (>= 0.3.1)
    tzinfo (0.3.37)
    uglifier (2.1.1)
      execjs (>= 0.3.0)
      multi_json (~> 1.0, >= 1.0.2)
    underscore-rails (1.4.4)
    utf8-cleaner (0.0.4)

PLATFORMS
  ruby

DEPENDENCIES
  active_attr
  cells
  coffee-rails (~> 3.2.1)
  haml-rails
  handlebars_assets (~> 0.12.0)
  infopark_cloud_connector!
  infopark_crm_connector
  infopark_kickstarter!
  infopark_rails_connector!
  jquery-rails
  less-rails
  less-rails-bootstrap
  rails (= 3.2.13)
  sass-rails (~> 3.2.3)
  simple_form
  therubyracer
  uglifier (>= 1.0.3)
  underscore-rails
  utf8-cleaner
